GEM
  specs:
    curb (0.9.4)
    mini_portile2 (2.3.0)
    nokogiri (1.8.2)
      mini_portile2 (~> 2.3.0)

PLATFORMS
  ruby

DEPENDENCIES
  curb
  nokogiri

BUNDLED WITH
   1.16.1
